GEM
  remote: https://rubygems.org/
  specs:
    coderay (1.1.3)
    diff-lcs (1.5.1)
    google-protobuf (3.25.2-x86_64-darwin)
    method_source (1.0.0)
    nokogiri (1.16.1-x86_64-darwin)
      racc (~> 1.4)
    pry (0.13.1)
      coderay (~> 1.1)
      method_source (~> 1.0)
    racc (1.7.3)
    rspec (3.12.0)
      rspec-core (~> 3.12.0)
      rspec-expectations (~> 3.12.0)
      rspec-mocks (~> 3.12.0)
    rspec-core (3.12.2)
      rspec-support (~> 3.12.0)
    rspec-expectations (3.12.3)
      diff-lcs (>= 1.2.0, < 2.0)
      rspec-support (~> 3.12.0)
    rspec-mocks (3.12.6)
      diff-lcs (>= 1.2.0, < 2.0)
      rspec-support (~> 3.12.0)
    rspec-support (3.12.1)
    ruby-protocol-buffers (1.6.1)

PLATFORMS
  x86_64-darwin-19

DEPENDENCIES
  google-protobuf
  nokogiri
  pry (~> 0.13.1)
  rspec (~> 3.5)
  ruby-protocol-buffers

RUBY VERSION
   ruby 3.1.2p20

BUNDLED WITH
   2.5.5
